GIT
  remote: https://github.com/NREL/openstudio-alfalfa-gem.git
  revision: 46e6d21941c7db50530f5f9033f5d9c7c36dbe91
  specs:
    openstudio-alfalfa (0.0.1)
      openstudio-extension (= 0.2.2)
      openstudio-standards (= 0.2.11)

GEM
  remote: http://rubygems.org/
  specs:
    addressable (2.7.0)
      public_suffix (>= 2.0.2, < 5.0)
    ansi (1.5.0)
    ast (2.4.0)
    bcl (0.6.0)
      builder (= 3.2.4)
      faraday (~> 1.0.1)
      minitar (~> 0.9)
      openstudio_measure_tester (~> 0.2.2)
      rexml (= 3.2.4)
      rubyzip (~> 2.3.0)
      spreadsheet (= 1.2.6)
      uuid (~> 2.3.9)
      yamler (= 0.1.0)
      zliby (= 0.0.5)
    builder (3.2.4)
    docile (1.3.2)
    faraday (1.0.1)
      multipart-post (>= 1.2, < 3)
    git (1.6.0)
      rchardet (~> 1.8)
    macaddr (1.7.2)
      systemu (~> 2.6.5)
    minitar (0.9)
    minitest (5.14.0)
    minitest-reporters (1.4.2)
      ansi
      builder
      minitest (>= 5.0)
      ruby-progressbar
    multipart-post (2.1.1)
    octokit (4.18.0)
      faraday (>= 0.9)
      sawyer (~> 0.8.0, >= 0.5.3)
    openstudio-extension (0.2.2)
      bcl (~> 0.6.0)
      bundler (~> 2.1)
      octokit (~> 4.18.0)
      openstudio-workflow (~> 2.0.0)
      openstudio_measure_tester (~> 0.2.2)
      parallel (~> 1.19.1)
    openstudio-standards (0.2.11)
    openstudio-workflow (2.0.1)
    openstudio_measure_tester (0.2.2)
      git (~> 1.6.0)
      minitest (~> 5.14.0)
      minitest-reporters (~> 1.4.2)
      rake (~> 13.0)
      rubocop (~> 0.54.0)
      rubocop-checkstyle_formatter (~> 0.4.0)
      simplecov (~> 0.18.2)
    parallel (1.19.1)
    parser (2.7.1.2)
      ast (~> 2.4.0)
    powerpack (0.1.2)
    public_suffix (4.0.4)
    rainbow (3.0.0)
    rake (13.0.1)
    rchardet (1.8.0)
    rexml (3.2.4)
    rubocop (0.54.0)
      parallel (~> 1.10)
      parser (>= 2.5)
      powerpack (~> 0.1)
      rainbow (>= 2.2.2, < 4.0)
      ruby-progressbar (~> 1.7)
      unicode-display_width (~> 1.0, >= 1.0.1)
    rubocop-checkstyle_formatter (0.4.0)
      rubocop (>= 0.35.1)
    ruby-ole (1.2.12.2)
    ruby-progressbar (1.10.1)
    rubyzip (2.3.0)
    sawyer (0.8.2)
      addressable (>= 2.3.5)
      faraday (> 0.8, < 2.0)
    simplecov (0.18.5)
      docile (~> 1.1)
      simplecov-html (~> 0.11)
    simplecov-html (0.12.2)
    spreadsheet (1.2.6)
      ruby-ole (>= 1.0)
    systemu (2.6.5)
    unicode-display_width (1.7.0)
    uuid (2.3.9)
      macaddr (~> 1.0)
    yamler (0.1.0)
    zliby (0.0.5)

PLATFORMS
  ruby

DEPENDENCIES
  openstudio-alfalfa!

RUBY VERSION
   ruby 2.5.5p157

BUNDLED WITH
   2.1.0
